GEM
  remote: http://rubygems.org/
  specs:
    activesupport (3.2.11)
      i18n (~> 0.6)
      multi_json (~> 1.0)
    configurator2 (0.1.2)
    daemons (1.1.9)
    eventmachine (1.0.0)
    haml (3.1.7)
    i18n (0.6.1)
    multi_json (1.5.0)
    rack (1.4.4)
    shotgun (0.9)
      rack (>= 1.0)
    thin (1.5.0)
      daemons (>= 1.0.9)
      eventmachine (>= 0.12.6)
      rack (>= 1.0.0)
    thor (0.16.0)

PLATFORMS
  ruby

DEPENDENCIES
  activesupport
  configurator2
  haml
  rack
  shotgun
  thin
  thor
