GEM
  remote: http://rubygems.org/
  specs:
    activesupport (3.2.11)
      i18n (~> 0.6)
      multi_json (~> 1.0)
    configurator2 (0.1.2)
    daemons (1.1.9)
    diff-lcs (1.1.3)
    eventmachine (1.0.0)
    haml (3.1.7)
    i18n (0.6.1)
    multi_json (1.5.0)
    nokogiri (1.5.6)
    rack (1.4.4)
    rack-test (0.6.2)
      rack (>= 1.0)
    rspec (2.12.0)
      rspec-core (~> 2.12.0)
      rspec-expectations (~> 2.12.0)
      rspec-mocks (~> 2.12.0)
    rspec-core (2.12.2)
    rspec-expectations (2.12.1)
      diff-lcs (~> 1.1.3)
    rspec-mocks (2.12.1)
    shotgun (0.9)
      rack (>= 1.0)
    thin (1.5.0)
      daemons (>= 1.0.9)
      eventmachine (>= 0.12.6)
      rack (>= 1.0.0)
    thor (0.16.0)

PLATFORMS
  ruby

DEPENDENCIES
  activesupport
  configurator2
  haml
  nokogiri
  rack
  rack-test
  rspec
  shotgun
  thin
  thor
